GEM
  remote: https://rubygems.org/
  specs:
    PriorityQueue (0.1.2)
    actionmailer (4.0.13)
      actionpack (= 4.0.13)
      mail (~> 2.5, >= 2.5.4)
    actionpack (4.0.13)
      activesupport (= 4.0.13)
      builder (~> 3.1.0)
      erubis (~> 2.7.0)
      rack (~> 1.5.2)
      rack-test (~> 0.6.2)
    activemodel (4.0.13)
      activesupport (= 4.0.13)
      builder (~> 3.1.0)
    activerecord (4.0.13)
      activemodel (= 4.0.13)
      activerecord-deprecated_finders (~> 1.0.2)
      activesupport (= 4.0.13)
      arel (~> 4.0.0)
    activerecord-deprecated_finders (1.0.4)
    activesupport (4.0.13)
      i18n (~> 0.6, >= 0.6.9)
      minitest (~> 4.2)
      multi_json (~> 1.3)
      thread_safe (~> 0.1)
      tzinfo (~> 0.3.37)
    addressable (2.4.0)
    airbrake (3.1.17)
      builder
      multi_json
    arel (4.0.2)
    builder (3.1.4)
    capybara (2.8.1)
      addressable
      mime-types (>= 1.16)
      nokogiri (>= 1.3.3)
      rack (>= 1.0.0)
      rack-test (>= 0.5.4)
      xpath (~> 2.0)
    daemons (1.2.4)
    diff-lcs (1.2.5)
    domain_name (0.5.20160615)
      unf (>= 0.0.5, < 1.0.0)
    erubis (2.7.0)
    eventmachine (1.2.0.1)
    execjs (2.7.0)
    gds-api-adapters (41.2.0)
      link_header
      lrucache (~> 0.1.1)
      null_logger
      plek (>= 1.9.0)
      rack-cache
      rest-client (~> 2.0)
    govuk_frontend_toolkit (1.4.0)
      rails (>= 3.1.0)
      sass (>= 3.2.0)
    hike (1.2.3)
    http-cookie (1.0.2)
      domain_name (~> 0.5)
    i18n (0.8.6)
    json (2.1.0)
    kgio (2.10.0)
    libv8 (3.16.14.15)
    link_header (0.0.8)
    logstash-event (1.1.5)
    logstasher (0.4.8)
      logstash-event (~> 1.1.0)
    lrucache (0.1.4)
      PriorityQueue (~> 0.1.2)
    mail (2.6.6)
      mime-types (>= 1.16, < 4)
    metaclass (0.0.4)
    mime-types (3.1)
      mime-types-data (~> 3.2015)
    mime-types-data (3.2016.0521)
    mini_portile2 (2.1.0)
    minitest (4.7.5)
    mocha (0.13.3)
      metaclass (~> 0.0.1)
    multi_json (1.12.2)
    netrc (0.11.0)
    nokogiri (1.6.8)
      mini_portile2 (~> 2.1.0)
      pkg-config (~> 1.1.7)
    null_logger (0.0.1)
    pkg-config (1.1.7)
    plek (1.11.0)
    power_assert (0.4.1)
    rack (1.5.5)
    rack-cache (1.7.1)
      rack (>= 0.4)
    rack-test (0.6.3)
      rack (>= 1.0)
    rails (4.0.13)
      actionmailer (= 4.0.13)
      actionpack (= 4.0.13)
      activerecord (= 4.0.13)
      activesupport (= 4.0.13)
      bundler (>= 1.3.0, < 2.0)
      railties (= 4.0.13)
      sprockets-rails (~> 2.0)
    railties (4.0.13)
      actionpack (= 4.0.13)
      activesupport (= 4.0.13)
      rake (>= 0.8.7)
      thor (>= 0.18.1, < 2.0)
    raindrops (0.17.0)
    rake (12.1.0)
    ref (2.0.0)
    rest-client (2.0.0)
      http-cookie (>= 1.0.2, < 2.0)
      mime-types (>= 1.16, < 4.0)
      netrc (~> 0.8)
    rspec-core (3.5.2)
      rspec-support (~> 3.5.0)
    rspec-expectations (3.5.0)
      diff-lcs (>= 1.2.0, < 2.0)
      rspec-support (~> 3.5.0)
    rspec-mocks (3.5.0)
      diff-lcs (>= 1.2.0, < 2.0)
      rspec-support (~> 3.5.0)
    rspec-rails (3.5.2)
      actionpack (>= 3.0)
      activesupport (>= 3.0)
      railties (>= 3.0)
      rspec-core (~> 3.5.0)
      rspec-expectations (~> 3.5.0)
      rspec-mocks (~> 3.5.0)
      rspec-support (~> 3.5.0)
    rspec-support (3.5.0)
    sass (3.2.19)
    sass-rails (4.0.5)
      railties (>= 4.0.0, < 5.0)
      sass (~> 3.2.2)
      sprockets (~> 2.8, < 3.0)
      sprockets-rails (~> 2.0)
    slimmer (9.0.0)
      activesupport
      json
      nokogiri (>= 1.5.0, < 1.7.0)
      null_logger
      plek (>= 1.1.0)
      rack (>= 1.3.5)
      rest-client
    sprockets (2.12.4)
      hike (~> 1.2)
      multi_json (~> 1.0)
      rack (~> 1.0)
      tilt (~> 1.1, != 1.3.0)
    sprockets-rails (2.3.3)
      actionpack (>= 3.0)
      activesupport (>= 3.0)
      sprockets (>= 2.8, < 4.0)
    test-unit (3.2.3)
      power_assert
    therubyracer (0.12.2)
      libv8 (~> 3.16.14.0)
      ref
    thin (1.7.0)
      daemons (~> 1.0, >= 1.0.9)
      eventmachine (~> 1.0, >= 1.0.4)
      rack (>= 1, < 3)
    thor (0.20.0)
    thread_safe (0.3.6)
    tilt (1.4.1)
    tzinfo (0.3.53)
    uglifier (3.2.0)
      execjs (>= 0.3.0, < 3)
    unf (0.1.4)
      unf_ext
    unf_ext (0.0.7.2)
    unicorn (4.3.1)
      kgio (~> 2.6)
      rack
      raindrops (~> 0.7)
    xpath (2.0.0)
      nokogiri (~> 1.3)

PLATFORMS
  ruby

DEPENDENCIES
  airbrake (= 3.1.17)
  capybara
  gds-api-adapters (= 41.2.0)
  govuk_frontend_toolkit (= 1.4.0)
  logstasher (= 0.4.8)
  mocha (= 0.13.3)
  plek (= 1.11.0)
  rails (~> 4.0.0)
  rspec-rails
  sass-rails (~> 4.0.2)
  slimmer (= 9.0.0)
  test-unit (= 3.2.3)
  therubyracer
  thin
  uglifier (>= 1.3.0)
  unicorn (= 4.3.1)

BUNDLED WITH
   1.15.1
